PATH
  remote: .
  specs:
    animatedgifme (0.1.0)
      faraday
      json

GEM
  remote: https://rubygems.org/
  specs:
    addressable (2.7.0)
      public_suffix (>= 2.0.2, < 5.0)
    crack (0.4.5)
      rexml
    faraday (1.3.0)
      faraday-net_http (~> 1.0)
      multipart-post (>= 1.2, < 3)
      ruby2_keywords
    faraday-net_http (1.0.1)
    hashdiff (1.0.1)
    json (2.5.1)
    minitest (5.14.4)
    multipart-post (2.1.1)
    public_suffix (4.0.6)
    rake (13.0.3)
    rexml (3.2.4)
    ruby2_keywords (0.0.4)
    vcr (6.0.0)
    webmock (3.12.1)
      addressable (>= 2.3.6)
      crack (>= 0.3.2)
      hashdiff (>= 0.4.0, < 2.0.0)

PLATFORMS
  x86_64-linux

DEPENDENCIES
  animatedgifme!
  minitest (~> 5.0)
  rake (~> 13.0)
  vcr
  webmock

BUNDLED WITH
   2.2.13
